GEM
  remote: https://rubygems.org/
  specs:
    eim_xml (0.0.4)
    image_size (3.0.1)
    math_ml (0.14)
      eim_xml
    mecab (0.996)
    mini_portile2 (2.8.0)
    nokogiri (1.13.3)
      mini_portile2 (~> 2.8.0)
      racc (~> 1.4)
    pastel (0.8.0)
      tty-color (~> 0.5)
    psych (3.3.2)
    racc (1.6.0)
    rake (13.0.6)
    review (5.4.0)
      image_size
      rouge
      rubyzip
      tty-logger
    rexml (3.2.5)
    rouge (3.28.0)
    rubyzip (2.3.2)
    tty-color (0.6.0)
    tty-logger (0.6.0)
      pastel (~> 0.8)

PLATFORMS
  ruby

DEPENDENCIES
  math_ml
  mecab
  nokogiri
  psych (< 4.0.0)
  rake
  review
  rexml
  rubyzip

BUNDLED WITH
   1.17.2
